GEM
  remote: https://rubygems.org/
  remote: http://gems.ai-traders.com/
  specs:
    ait-configurator (0.1.3)
      psych (~> 2.0.5)
    artifactory (2.3.3)
    blockenspiel (0.5.0)
    boson (1.3.0)
    diff-lcs (1.2.5)
    diplomat (0.13.1)
      faraday (~> 0.9)
      json (~> 1.8)
    faraday (0.9.2)
      multipart-post (>= 1.2, < 3)
    gherkin (2.12.2)
      multi_json (~> 1.3)
    git (100.2.9.1)
    gitrake (0.3.0)
      git (= 100.2.9.1)
      oversion (>= 0.3.0)
      rake (>= 10.4.2)
      repocritic (>= 1.0.0)
      versionomy (= 0.5.0)
    json (1.8.3)
    kitchen-docker_cli (0.18.0)
      test-kitchen (>= 1.3)
    mixlib-install (1.1.0)
      artifactory
      mixlib-shellout
      mixlib-versioning
    mixlib-shellout (2.2.7)
    mixlib-versioning (1.1.0)
    multi_json (1.12.1)
    multipart-post (2.0.0)
    net-scp (1.2.1)
      net-ssh (>= 2.6.5)
    net-ssh (3.2.0)
    net-ssh-gateway (1.2.0)
      net-ssh (>= 2.6.5)
    oversion (0.3.2)
      ait-configurator (>= 0.1.2)
      diplomat (>= 0.13.1)
    psych (2.0.17)
    rake (11.2.2)
    repocritic (1.0.2)
      boson (= 1.3.0)
      gherkin (~> 2.11)
      oversion (>= 0.3.0)
    rspec (3.5.0)
      rspec-core (~> 3.5.0)
      rspec-expectations (~> 3.5.0)
      rspec-mocks (~> 3.5.0)
    rspec-core (3.5.3)
      rspec-support (~> 3.5.0)
    rspec-expectations (3.5.0)
      diff-lcs (>= 1.2.0, < 2.0)
      rspec-support (~> 3.5.0)
    rspec-mocks (3.5.0)
      diff-lcs (>= 1.2.0, < 2.0)
      rspec-support (~> 3.5.0)
    rspec-support (3.5.0)
    safe_yaml (1.0.4)
    test-kitchen (1.11.1)
      mixlib-install (~> 1.0, >= 1.0.4)
      mixlib-shellout (>= 1.2, < 3.0)
      net-scp (~> 1.1)
      net-ssh (>= 2.9, < 4.0)
      net-ssh-gateway (~> 1.2.0)
      safe_yaml (~> 1.0)
      thor (~> 0.18)
    thor (0.19.1)
    versionomy (0.5.0)
      blockenspiel (~> 0.5)

PLATFORMS
  ruby

DEPENDENCIES
  git!
  gitrake!
  kitchen-docker_cli
  oversion!
  rake
  repocritic!
  rspec
  test-kitchen

BUNDLED WITH
   1.12.5
